GEM
  remote: https://rubygems.org/
  specs:
    minruby (1.0.4)

PLATFORMS
  x86_64-linux

DEPENDENCIES
  minruby

BUNDLED WITH
   2.3.7
